GEM
  remote: https://rubygems.org/
  specs:
    activemodel (4.2.1)
      activesupport (= 4.2.1)
      builder (~> 3.1)
    activerecord (4.2.1)
      activemodel (= 4.2.1)
      activesupport (= 4.2.1)
      arel (~> 6.0)
    activesupport (4.2.1)
      i18n (~> 0.7)
      json (~> 1.7, >= 1.7.7)
      minitest (~> 5.1)
      thread_safe (~> 0.3, >= 0.3.4)
      tzinfo (~> 1.1)
    arel (6.0.0)
    attr_required (1.0.0)
    axiom-types (0.1.1)
      descendants_tracker (~> 0.0.4)
      ice_nine (~> 0.11.0)
      thread_safe (~> 0.3, >= 0.3.1)
    builder (3.2.2)
    byebug (4.0.5)
      columnize (= 0.9.0)
    capistrano (3.4.0)
      i18n
      rake (>= 10.0.0)
      sshkit (~> 1.3)
    celluloid (0.16.0)
      timers (~> 4.0.0)
    coderay (1.1.0)
    coercible (1.0.0)
      descendants_tracker (~> 0.0.1)
    colorize (0.7.5)
    columnize (0.9.0)
    database_cleaner (1.4.1)
    descendants_tracker (0.0.4)
      thread_safe (~> 0.3, >= 0.3.1)
    diff-lcs (1.2.5)
    dotenv (1.0.2)
    eldr (0.0.4)
      fast_blank (= 0.0.2)
      mustermann (= 0.4.0)
      rack (~> 1.5)
    equalizer (0.0.11)
    factory_girl (4.5.0)
      activesupport (>= 3.0.0)
    fast_blank (0.0.2)
    ffi (1.9.8)
    grape (0.11.0)
      activesupport
      builder
      hashie (>= 2.1.0)
      multi_json (>= 1.3.2)
      multi_xml (>= 0.5.2)
      rack (>= 1.3.0)
      rack-accept
      rack-mount
      virtus (>= 1.0.0)
    hashie (3.4.1)
    hitimes (1.2.2)
    httpclient (2.6.0.1)
    i18n (0.7.0)
    ice_nine (0.11.1)
    json (1.8.2)
    kgio (2.9.3)
    listen (2.10.0)
      celluloid (~> 0.16.0)
      rb-fsevent (>= 0.9.3)
      rb-inotify (>= 0.9)
    method_source (0.8.2)
    minitest (5.5.1)
    multi_json (1.11.0)
    multi_xml (0.5.5)
    mustermann (0.4.0)
      tool (~> 0.2)
    mysql2 (0.3.18)
    net-scp (1.2.1)
      net-ssh (>= 2.6.5)
    net-ssh (2.9.2)
    oat (0.4.6)
      activesupport
    pry (0.10.1)
      coderay (~> 1.1.0)
      method_source (~> 0.8.1)
      slop (~> 3.4)
    pry-byebug (3.1.0)
      byebug (~> 4.0)
      pry (~> 0.10)
    rack (1.6.0)
    rack-accept (0.4.5)
      rack (>= 0.4)
    rack-mount (0.8.3)
      rack (>= 1.0.0)
    rack-oauth2 (1.1.1)
      activesupport (>= 2.3)
      attr_required (>= 0.0.5)
      httpclient (>= 2.4)
      multi_json (>= 1.3.6)
      rack (>= 1.1)
    rack-test (0.6.3)
      rack (>= 1.0)
    raindrops (0.13.0)
    rake (10.4.2)
    rb-fsevent (0.9.4)
    rb-inotify (0.9.5)
      ffi (>= 0.5.0)
    require_all (1.3.2)
    rerun (0.10.0)
      listen (~> 2.7, >= 2.7.3)
    rspec (3.2.0)
      rspec-core (~> 3.2.0)
      rspec-expectations (~> 3.2.0)
      rspec-mocks (~> 3.2.0)
    rspec-core (3.2.2)
      rspec-support (~> 3.2.0)
    rspec-expectations (3.2.0)
      diff-lcs (>= 1.2.0, < 2.0)
      rspec-support (~> 3.2.0)
    rspec-mocks (3.2.1)
      diff-lcs (>= 1.2.0, < 2.0)
      rspec-support (~> 3.2.0)
    rspec-nc (0.2.0)
      rspec (>= 2.9)
      terminal-notifier (>= 1.4)
    rspec-support (3.2.2)
    slop (3.6.0)
    sshkit (1.7.1)
      colorize (>= 0.7.0)
      net-scp (>= 1.1.2)
      net-ssh (>= 2.8.0)
    terminal-notifier (1.6.3)
    thread_safe (0.3.5)
    timers (4.0.1)
      hitimes
    tool (0.2.3)
    tzinfo (1.2.2)
      thread_safe (~> 0.1)
    unicorn (4.8.3)
      kgio (~> 2.6)
      rack
      raindrops (~> 0.7)
    virtus (1.0.5)
      axiom-types (~> 0.1)
      coercible (~> 1.0)
      descendants_tracker (~> 0.0, >= 0.0.3)
      equalizer (~> 0.0, >= 0.0.9)
    yajl-ruby (1.2.1)

PLATFORMS
  ruby

DEPENDENCIES
  activerecord
  byebug
  capistrano
  database_cleaner
  dotenv
  eldr
  factory_girl
  grape
  i18n
  mysql2
  oat
  pry-byebug
  rack-oauth2
  rack-test
  rb-fsevent
  require_all
  rerun
  rspec
  rspec-nc
  unicorn
  yajl-ruby
